GEM
  remote: https://rubygems.org/
  specs:
    csv (3.1.9)
    date (3.1.3)
    json (2.5.1)
    nokogiri (1.13.1-x86_64-linux)
      racc (~> 1.4)
    open-uri (0.1.0)
      stringio
      time
      uri
    racc (1.6.0)
    stringio (3.0.1)
    time (0.1.0)
      date
    uri (0.10.1)

PLATFORMS
  x86_64-linux

DEPENDENCIES
  csv
  json
  nokogiri
  open-uri

BUNDLED WITH
   2.3.5
